GEM
  remote: http://rubygems.org/
  specs:
    activemodel (5.2.0)
      activesupport (= 5.2.0)
    activesupport (5.2.0)
      concurrent-ruby (~> 1.0, >= 1.0.2)
      i18n (>= 0.7, < 2)
      minitest (~> 5.1)
      tzinfo (~> 1.1)
    addressable (2.5.2)
      public_suffix (>= 2.0.2, < 4.0)
    byebug (10.0.2)
    concurrent-ruby (1.0.5)
    faraday (0.14.0)
      multipart-post (>= 1.2, < 3)
    faraday_middleware (0.12.2)
      faraday (>= 0.7.4, < 1.0)
    i18n (1.0.0)
      concurrent-ruby (~> 1.0)
    json_api_client (1.5.3)
      activemodel (>= 3.2.0)
      activesupport (>= 3.2.0)
      addressable (~> 2.2)
      faraday (~> 0.9)
      faraday_middleware (~> 0.9)
    minitest (5.11.3)
    multipart-post (2.0.0)
    public_suffix (3.0.2)
    thread_safe (0.3.6)
    tzinfo (1.2.5)
      thread_safe (~> 0.1)
    work_queue (2.5.4)

PLATFORMS
  ruby

DEPENDENCIES
  activemodel
  activesupport
  byebug
  json_api_client
  work_queue (>= 2.0)

BUNDLED WITH
   1.15.4
